GEM
  remote: https://rubygems.org/
  specs:
    pg (1.1.4)
    rack (2.1.4)
    sequel (5.20.0)

PLATFORMS
  ruby

DEPENDENCIES
  pg
  rack
  sequel

BUNDLED WITH
   1.17.2
